GEM
  remote: https://rubygems.org/
  specs:
    csv (3.1.2)
    strings-ansi (0.1.0)
    tty-cursor (0.7.0)
    tty-progressbar (0.17.0)
      strings-ansi (~> 0.1.0)
      tty-cursor (~> 0.7)
      tty-screen (~> 0.7)
      unicode-display_width (~> 1.6)
    tty-screen (0.7.0)
    unicode-display_width (1.6.0)

PLATFORMS
  ruby

DEPENDENCIES
  csv
  tty-progressbar

BUNDLED WITH
   2.0.2
